GEM
  remote: http://rubygems.org/
  specs:
    diff-lcs (1.1.3)
    git (1.2.5)
    jeweler (1.6.4)
      bundler (~> 1.0)
      git (>= 1.2.5)
      rake
    naether (0.8.1)
      rjb (= 1.3.3)
    naether (0.8.1-java)
    rake (0.9.2.2)
    rjb (1.3.3)
    rspec (2.9.0)
      rspec-core (~> 2.9.0)
      rspec-expectations (~> 2.9.0)
      rspec-mocks (~> 2.9.0)
    rspec-core (2.9.0)
    rspec-expectations (2.9.1)
      diff-lcs (~> 1.1.3)
    rspec-mocks (2.9.0)
    yard (0.8.2.1)

PLATFORMS
  java
  ruby

DEPENDENCIES
  bundler (~> 1.1.0)
  jeweler (~> 1.6.4)
  naether (~> 0.8.0)
  rspec (~> 2.9.0)
  yard (~> 0.8.0)
